GEM
  remote: https://rubygems.org/
  specs:
    file-tail (1.1.0)
      tins (~> 1.0)
    rake (10.4.2)
    tins (1.6.0)

PLATFORMS
  ruby

DEPENDENCIES
  file-tail
  rake

BUNDLED WITH
   1.10.5
